{
	"Modality": "PT",
	"Manufacturer": "Siemens",
	"ManufacturersModelName": "petmct1",
	"InstitutionName": "NIH Clinical Center",
	"InstitutionalDepartmentName": "PET petmct1",
	"InstitutionAddress": "10 Center Drive, Bethesda, MD 20892",
	"DeviceSerialNumber": "11048",
	"StationName": "CTAWP71179",
	"PatientPosition": "FFS",
	"SoftwareVersions": "VG62C",
	"SeriesDescription": "PET Brain Dyn TOF",
	"ProtocolName": "PET Brain Dyn TOF",
	"ImageType": ["ORIGINAL", "PRIMARY"],
	"SeriesNumber": 5,
	"AcquisitionTime": "10:06:51.000000",
	"AcquisitionNumber": 2001,
	"ImageComments": "Frame 1 of 27^AC_CT_Brain",
	"Radiopharmaceutical": "ps13",
	"RadionuclidePositronFraction": 0.997669,
	"RadionuclideTotalDose": 7.0966e+08,
	"RadionuclideHalfLife": 1220.04,
	"DoseCalibrationFactor": 3.0652e+07,
	"ConvolutionKernel": "XYZ Gauss2.00",
	"Units": "BQML",
	"DecayCorrection": "ADMIN",
	"AttenuationCorrectionMethod": "measured,AC_CT_Brain",
	"ReconstructionMethod": "PSF+TOF 3i21s",
	"DecayFactor": [
		1.01085,
		1.02823,
		1.04591,
		1.06388,
		1.08217,
		1.10078,
		1.12928,
		1.16844,
		1.20896,
		1.27238,
		1.36215,
		1.53476,
		1.81996,
		2.15816,
		2.5592,
		3.03477,
		3.59871,
		4.26745,
		5.06046,
		6.00083,
		7.11594,
		8.43827,
		10.0063,
		11.8658,
		14.0708,
		16.6855,
		19.7861	],
	"FrameTimesStart": [
		0,
		30,
		60,
		90,
		120,
		150,
		180,
		240,
		300,
		360,
		480,
		600,
		900,
		1200,
		1500,
		1800,
		2100,
		2400,
		2700,
		3000,
		3300,
		3600,
		3900,
		4200,
		4500,
		4800,
		5100	],
	"FrameDuration": [
		30,
		30,
		30,
		30,
		30,
		30,
		60,
		60,
		60,
		120,
		120,
		300,
		300,
		300,
		300,
		300,
		300,
		300,
		300,
		300,
		300,
		300,
		300,
		300,
		300,
		300,
		300	],
	"FrameReferenceTime": [
		14.9787,
		44.9787,
		74.9787,
		104.979,
		134.979,
		164.979,
		209.915,
		269.915,
		329.915,
		419.659,
		539.659,
		747.87,
		1047.87,
		1347.87,
		1647.87,
		1947.87,
		2247.87,
		2547.87,
		2847.87,
		3147.87,
		3447.87,
		3747.87,
		4047.87,
		4347.87,
		4647.87,
		4947.87,
		5247.87	],
	"SliceThickness": 2,
	"ImageOrientationPatientDICOM": [
		1,
		0,
		0,
		0,
		1,
		0	],
	"ConversionSoftware": "dcm2niix",
	"ConversionSoftwareVersion": [
        "v1.0.20220720",
        "1.1.0"
    ],
  "ReconMethodName": "Point-Spread Function modelling Time Of Flight",
  "ReconMethodParameterUnits": [
       "none",
       "none"
    ],
  "ReconMethodParameterLabels": [
       "subsets",
       "iterations"
           ],
  "ReconMethodParameterValues": [
        21,
        3
    ],
  "AttenuationCorrection": "measured,AC_CT_Brain",
  "ScatterFraction": [
        0.291564
    ],
  "DecayCorrectionFactor": [
        1.0459051
    ],
  "TimeZero": "10:05:08",
  "ScanStart": 0,
  "InjectionStart": 0,
  "TracerName": "PS13",
  "TracerRadionuclide": "11C",
  "InjectedRadioactivity": 709660.0,
  "InjectedRadioactivityUnits": "kBq",
  "InjectedMass": 11.8,
  "InjectedMassUnits": "nmol",
  "SpecificRadioactivity": 3233.4,
  "SpecificRadioactivityUnits": "uCi/nmol",
  "ModeOfAdministration": "bolus",
  "AcquisitionMode": "list mode",
  "ImageDecayCorrected": true,
  "ImageDecayCorrectionTime": 0.0,
  "InfusionRadioactivity": 0.0,
  "InfusionStart": 0.0,
  "InfusionSpeed": 0.0,
  "InfusionSpeedUnits": "mL/s",
  "InjectedVolume": 10.0,
  "ReconFilterSize": 2.0,
  "ReconFilterType": "XYZ Gauss0"
  
}
