{
	"Modality": "MR",
	"MagneticFieldStrength": 3,
	"ImagingFrequency": 127.757,
	"Manufacturer": "Philips",
	"ManufacturersModelName": "Achieva",
	"InstitutionName": "NIH Clinical Center",
	"InstitutionalDepartmentName": "Radiology MR2",
	"DeviceSerialNumber": "17384",
	"StationName": "PHILIPS-GN34U7Q",
	"BodyPartExamined": "BRAIN",
	"PatientPosition": "HFS",
	"ProcedureStepDescription": "MRI Brain",
	"SoftwareVersions": "5.7.1\\5.7.1.2",
	"MRAcquisitionType": "3D",
	"SeriesDescription": "3D T1 TFE SAG 1",
	"ProtocolName": "3D T1 TFE SAG 1",
	"ScanningSequence": "GR",
	"SequenceVariant": "MP",
	"ScanOptions": "OTHER",
	"PulseSequenceName": "T1TFE",
	"ImageType": ["ORIGINAL", "PRIMARY", "M", "FFE", "M", "FFE"],
	"SeriesNumber": 201,
	"AcquisitionTime": "10:07:15.780000",
	"AcquisitionNumber": 2,
	"PhilipsRWVSlope": 2.22076,
	"PhilipsRWVIntercept": 0,
	"SliceThickness": 1,
	"SpacingBetweenSlices": 1,
	"SAR": 0.0149849,
	"EchoTime": 0.003746,
	"RepetitionTime": 0.0081846,
	"MTState": false,
	"SpoilingState": true,
	"SpoilingType": "COMBINED",
	"FlipAngle": 8,
	"CoilString": "SENSE_HEAD_8",
	"PercentPhaseFOV": 100,
	"PercentSampling": 100,
	"EchoTrainLength": 240,
	"PhaseEncodingSteps": 240,
	"AcquisitionMatrixPE": 240,
	"ReconMatrixPE": 256,
	"ParallelAcquisitionTechnique": "SENSE",
	"ParallelReductionOutOfPlane": 1.5,
	"AcquisitionDuration": 509.012,
	"PixelBandwidth": 191,
	"PhaseEncodingAxis": "i",
	"ImageOrientationPatientDICOM": [
		0.0745552,
		0.997212,
		0.00325672,
		0.037435,
		0.00046476,
		-0.999299	],
	"InPlanePhaseEncodingDirectionDICOM": "ROW",
	"ConversionSoftware": "dcm2niix",
	"ConversionSoftwareVersion": "v1.0.20220720"
}
