{
	"Modality": "MR",
	"MagneticFieldStrength": 3,
	"ImagingFrequency": 127.741,
	"Manufacturer": "Philips",
	"ManufacturersModelName": "Achieva",
	"InstitutionName": "NIH Clinical Center",
	"InstitutionalDepartmentName": "Radiology MR4",
	"DeviceSerialNumber": "17461",
	"StationName": "PHILIPS-GALPT32",
	"BodyPartExamined": "BRAIN",
	"PatientPosition": "HFS",
	"ProcedureStepDescription": "MRI Brain",
	"SoftwareVersions": "5.7.1\\5.7.1.2",
	"MRAcquisitionType": "3D",
	"SeriesDescription": "3D T1 TFE SAG",
	"ProtocolName": "3D T1 TFE SAG",
	"ScanningSequence": "GR",
	"SequenceVariant": "MP",
	"ScanOptions": "OTHER",
	"PulseSequenceName": "T1TFE",
	"ImageType": ["ORIGINAL", "PRIMARY", "M", "FFE", "M", "FFE"],
	"SeriesNumber": 201,
	"AcquisitionTime": "13:29:55.960000",
	"AcquisitionNumber": 2,
	"PhilipsRWVSlope": 2.43077,
	"PhilipsRWVIntercept": 0,
	"SliceThickness": 1,
	"SpacingBetweenSlices": 1,
	"SAR": 0.0149849,
	"EchoTime": 0.003824,
	"RepetitionTime": 0.0082895,
	"MTState": false,
	"SpoilingState": true,
	"SpoilingType": "COMBINED",
	"FlipAngle": 8,
	"CoilString": "SENSE_HEAD_8",
	"PercentPhaseFOV": 100,
	"PercentSampling": 100,
	"EchoTrainLength": 240,
	"PhaseEncodingSteps": 240,
	"AcquisitionMatrixPE": 240,
	"ReconMatrixPE": 256,
	"ParallelAcquisitionTechnique": "SENSE",
	"ParallelReductionOutOfPlane": 1.5,
	"AcquisitionDuration": 509.037,
	"PixelBandwidth": 191,
	"PhaseEncodingAxis": "i",
	"ImageOrientationPatientDICOM": [
		-0.0405359,
		0.994101,
		-0.100595,
		0.107497,
		-0.095755,
		-0.989583	],
	"InPlanePhaseEncodingDirectionDICOM": "ROW",
	"ConversionSoftware": "dcm2niix",
	"ConversionSoftwareVersion": "v1.0.20220720"
}
